GEM
  remote: https://rubygems.org/
  specs:
    RubyInline (3.13.0)
      ZenTest (~> 4.3)
    ZenTest (4.12.1)
    activemodel (7.0.5)
      activesupport (= 7.0.5)
    activerecord (7.0.5)
      activemodel (= 7.0.5)
      activesupport (= 7.0.5)
    activerecord-import (1.4.1)
      activerecord (>= 4.2)
    activesupport (7.0.5)
      concurrent-ruby (~> 1.0, >= 1.0.2)
      i18n (>= 1.6, < 2)
      minitest (>= 5.1)
      tzinfo (~> 2.0)
    bio (2.0.4)
    byebug (11.1.3)
    concurrent-ruby (1.2.2)
    countries (1.2.5)
      currencies (~> 0.4.2)
      i18n_data (~> 0.7.0)
    currencies (0.4.2)
    date (3.3.3)
    fuzzy-string-match (1.0.1)
      RubyInline (>= 3.8.6)
    geokit (1.14.0)
    i18n (1.14.1)
      concurrent-ruby (~> 1.0)
    i18n_data (0.7.0)
    json (2.6.3)
    minitest (5.18.1)
    net-ftp (0.2.0)
      net-protocol
      time
    net-protocol (0.2.1)
      timeout
    parallel (1.23.0)
    pastel (0.8.0)
      tty-color (~> 0.5)
    power_assert (2.0.3)
    rexml (3.2.7)
      strscan (>= 3.0.9)
    rubytree (2.0.1)
      json (~> 2.0, > 2.3.1)
    rubyzip (2.3.2)
    shp (0.1.0)
    sqlite3 (1.6.3-x86_64-linux)
    strscan (3.1.0)
    test-unit (3.6.0)
      power_assert
    time (0.2.2)
      date
    timeout (0.4.0)
    tty-color (0.6.0)
    tzinfo (2.0.6)
      concurrent-ruby (~> 1.0)

PLATFORMS
  x86_64-linux

DEPENDENCIES
  activerecord
  activerecord-import
  bio
  byebug
  countries (~> 1.2, >= 1.2.5)
  fuzzy-string-match
  geokit
  net-ftp
  parallel
  pastel
  rexml
  rubytree (~> 2.0)
  rubyzip (~> 2.3.0)
  shp
  sqlite3
  test-unit

BUNDLED WITH
   2.4.10
