GIT
  remote: https://github.com/nwnoll/RubyTree.git
  revision: 745fe05a511fda3d8785c10f5a032684f228191f
  branch: fix-syntax-warning
  specs:
    rubytree (1.0.0)
      json (~> 2.1)
      structured_warnings (~> 0.3)

GEM
  remote: https://rubygems.org/
  specs:
    RubyInline (3.12.5)
      ZenTest (~> 4.3)
    ZenTest (4.12.0)
    activemodel (6.0.3.3)
      activesupport (= 6.0.3.3)
    activerecord (6.0.3.3)
      activemodel (= 6.0.3.3)
      activesupport (= 6.0.3.3)
    activerecord-import (1.0.4)
      activerecord (>= 3.2)
    activesupport (6.0.3.3)
      concurrent-ruby (~> 1.0, >= 1.0.2)
      i18n (>= 0.7, < 2)
      minitest (~> 5.1)
      tzinfo (~> 1.1)
      zeitwerk (~> 2.2, >= 2.2.2)
    bio (2.0.1)
    biodiversity (5.1.2)
      ffi (~> 1.14)
    byebug (11.1.3)
    concurrent-ruby (1.1.7)
    countries (1.2.5)
      currencies (~> 0.4.2)
      i18n_data (~> 0.7.0)
    currencies (0.4.2)
    ffi (1.14.2)
    fuzzy-string-match (0.9.9)
      RubyInline (>= 3.8.6)
    geokit (1.13.1)
    i18n (1.8.5)
      concurrent-ruby (~> 1.0)
    i18n_data (0.7.0)
    json (2.3.1)
    minitest (5.14.2)
    parallel (1.19.2)
    pastel (0.8.0)
      tty-color (~> 0.5)
    power_assert (1.2.0)
    rexml (3.2.4)
    rubyzip (2.3.0)
    shp (0.1.0)
    sqlite3 (1.4.2)
    structured_warnings (0.4.0)
    test-unit (3.3.6)
      power_assert
    thread_safe (0.3.6)
    tty-color (0.5.2)
    tzinfo (1.2.10)
      thread_safe (~> 0.1)
    zeitwerk (2.4.0)

PLATFORMS
  ruby

DEPENDENCIES
  activerecord (~> 6.0, >= 6.0.3.3)
  activerecord-import
  bio
  biodiversity (~> 5.1, >= 5.1.2)
  byebug
  countries (~> 1.2, >= 1.2.5)
  fuzzy-string-match (~> 0.9.7)
  geokit (~> 1.13, >= 1.13.1)
  parallel (~> 1.19, >= 1.19.2)
  pastel (~> 0.8.0)
  rexml (~> 3.2, >= 3.2.4)
  rubytree!
  rubyzip (~> 2.3)
  shp
  sqlite3
  test-unit

BUNDLED WITH
   2.2.3
