GIT
  remote: https://github.com/nwnoll/RubyTree.git
  revision: 745fe05a511fda3d8785c10f5a032684f228191f
  branch: fix-syntax-warning
  specs:
    rubytree (1.0.0)
      json (~> 2.1)
      structured_warnings (~> 0.3)

GEM
  remote: https://rubygems.org/
  specs:
    RubyInline (3.13.0)
      ZenTest (~> 4.3)
    ZenTest (4.12.1)
    activemodel (7.0.4.3)
      activesupport (= 7.0.4.3)
    activerecord (7.0.4.3)
      activemodel (= 7.0.4.3)
      activesupport (= 7.0.4.3)
    activerecord-import (1.4.1)
      activerecord (>= 4.2)
    activesupport (7.0.4.3)
      concurrent-ruby (~> 1.0, >= 1.0.2)
      i18n (>= 1.6, < 2)
      minitest (>= 5.1)
      tzinfo (~> 2.0)
    bio (2.0.4)
    biodiversity (5.7.2)
      ffi (~> 1.15)
    byebug (11.1.3)
    concurrent-ruby (1.2.2)
    countries (5.4.0)
      unaccent (~> 0.3)
    date (3.3.3)
    ffi (1.15.5)
    fuzzy-string-match (1.0.1)
      RubyInline (>= 3.8.6)
    geokit (1.14.0)
    i18n (1.13.0)
      concurrent-ruby (~> 1.0)
    json (2.6.3)
    minitest (5.18.0)
    net-ftp (0.2.0)
      net-protocol
      time
    net-protocol (0.2.1)
      timeout
    parallel (1.23.0)
    pastel (0.8.0)
      tty-color (~> 0.5)
    power_assert (2.0.3)
    rexml (3.2.5)
    rubyzip (2.3.2)
    shp (0.1.0)
    sqlite3 (1.6.2-x86_64-linux)
    structured_warnings (0.4.0)
    test-unit (3.5.8)
      power_assert
    time (0.2.2)
      date
    timeout (0.3.2)
    tty-color (0.6.0)
    tzinfo (2.0.6)
      concurrent-ruby (~> 1.0)
    unaccent (0.4.0)

PLATFORMS
  x86_64-linux

DEPENDENCIES
  activerecord
  activerecord-import
  bio
  biodiversity
  byebug
  countries
  fuzzy-string-match
  geokit
  net-ftp
  parallel
  pastel
  rexml
  rubytree!
  rubyzip (~> 2.3.0)
  shp
  sqlite3
  test-unit

BUNDLED WITH
   2.4.8
